GEM
  remote: https://rubygems.org/
  specs:
    backports (3.15.0)
    cmdparse (3.0.4)
    diff-lcs (1.3)
    jasmine (3.5.0)
      jasmine-core (~> 3.5.0)
      phantomjs
      rack (>= 1.2.1)
      rake
    jasmine-core (3.5.0)
    juicer (1.2.0)
      cmdparse
      nokogiri (>= 1.5.0)
      rubyzip (= 0.9.9)
    mini_portile2 (2.4.0)
    multi_json (1.14.1)
    mustermann (1.0.3)
    nokogiri (1.10.7)
      mini_portile2 (~> 2.4.0)
    phantomjs (2.1.1.0)
    rack (2.0.7)
    rack-protection (2.0.7)
      rack
    rake (13.0.1)
    rspec (3.9.0)
      rspec-core (~> 3.9.0)
      rspec-expectations (~> 3.9.0)
      rspec-mocks (~> 3.9.0)
    rspec-core (3.9.0)
      rspec-support (~> 3.9.0)
    rspec-expectations (3.9.0)
      diff-lcs (>= 1.2.0, < 2.0)
      rspec-support (~> 3.9.0)
    rspec-mocks (3.9.0)
      diff-lcs (>= 1.2.0, < 2.0)
      rspec-support (~> 3.9.0)
    rspec-support (3.9.0)
    rubyzip (0.9.9)
    sinatra (2.0.7)
      mustermann (~> 1.0)
      rack (~> 2.0)
      rack-protection (= 2.0.7)
      tilt (~> 2.0)
    sinatra-contrib (2.0.7)
      backports (>= 2.8.2)
      multi_json
      mustermann (~> 1.0)
      rack-protection (= 2.0.7)
      sinatra (= 2.0.7)
      tilt (~> 2.0)
    tilt (2.0.10)

PLATFORMS
  ruby

DEPENDENCIES
  jasmine
  juicer
  rake
  rspec
  sinatra
  sinatra-contrib

BUNDLED WITH
   1.17.3
